GEM
  remote: https://rubygems.org/
  specs:
    sqlite3 (1.4.1)

PLATFORMS
  ruby

DEPENDENCIES
  sqlite3

RUBY VERSION
   ruby 2.6.2p47

BUNDLED WITH
   2.0.1
